GEM
  remote: https://rubygems.org/
  specs:
    beaneater (0.3.2)
    charlock_holmes (0.7.3)
    daemons (1.1.9)
    escape_utils (1.0.1)
    eventmachine (1.0.3)
    github-linguist (4.0.3)
      charlock_holmes (~> 0.7.3)
      escape_utils (~> 1.0.1)
      mime-types (>= 1.19)
      rugged (~> 0.22.0b1)
    mime-types (2.4.3)
    posix-spawn (0.3.9)
    pygments.rb (0.6.0)
      posix-spawn (~> 0.3.6)
      yajl-ruby (~> 1.1.0)
    rack (1.5.2)
    rack-protection (1.5.3)
      rack
    rugged (0.22.0b2)
    sinatra (1.4.5)
      rack (~> 1.4)
      rack-protection (~> 1.4)
      tilt (~> 1.3, >= 1.3.4)
    thin (1.6.2)
      daemons (>= 1.0.9)
      eventmachine (>= 1.0.0)
      rack (>= 1.0.0)
    tilt (1.4.1)
    yajl-ruby (1.1.0)

PLATFORMS
  ruby

DEPENDENCIES
  beaneater
  github-linguist (= 4.0.3)
  pygments.rb
  rugged (= 0.22.0b2)
  sinatra
  thin
