GEM
  remote: https://rubygems.org/
  specs:
    charlock_holmes (0.7.3)
    escape_utils (1.0.1)
    github-linguist (4.0.3)
      charlock_holmes (~> 0.7.3)
      escape_utils (~> 1.0.1)
      mime-types (>= 1.19)
      rugged (~> 0.22.0b1)
    mime-types (2.4.3)
    rugged (0.22.0b2)

PLATFORMS
  ruby

DEPENDENCIES
  github-linguist (= 4.0.3)
  rugged
